PATH
  remote: .
  specs:
    schleuder-conf (0.0.1)
      thor (~> 0)

GEM
  remote: https://rubygems.org/
  specs:
    thor (0.19.1)

PLATFORMS
  ruby

DEPENDENCIES
  schleuder-conf!

BUNDLED WITH
   1.10.6
