PATH
  remote: .
  specs:
    schleuder-cli (0.0.1.beta11)
      thor (~> 0)

GEM
  remote: https://rubygems.org/
  specs:
    thor (0.19.1)

PLATFORMS
  ruby

DEPENDENCIES
  schleuder-cli!

BUNDLED WITH
   1.11.2
